GEM
  remote: https://rubygems.org/
  specs:
    cap_vagrant (0.0.1)
      thor
    capistrano (3.1.0)
      i18n
      rake (>= 10.0.0)
      sshkit (~> 1.3)
    capistrano-ext (1.2.1)
      capistrano (>= 1.0.0)
    capistrano_colors (0.5.5)
    i18n (0.6.9)
    net-scp (1.1.2)
      net-ssh (>= 2.6.5)
    net-ssh (2.8.0)
    rake (10.1.1)
    rvm-capistrano (1.5.0)
      capistrano (>= 2.15.4)
    sshkit (1.3.0)
      net-scp (>= 1.1.2)
      net-ssh
      term-ansicolor
    term-ansicolor (1.3.0)
      tins (~> 1.0)
    thor (0.18.1)
    tins (1.0.0)

PLATFORMS
  ruby

DEPENDENCIES
  cap_vagrant
  capistrano (~> 3.1.0)
  capistrano-ext
  capistrano_colors
  rvm-capistrano
